GEM
  remote: http://rubygems.org/
  specs:
    heroku-deflater (0.5.3)
      rack (>= 1.4.5)
    newrelic_rpm (3.9.0.229)
    rack (2.1.4)

PLATFORMS
  ruby

DEPENDENCIES
  heroku-deflater
  newrelic_rpm
  rack
